PATH
  remote: .
  specs:
    public_suffix_service (0.9.0)

GEM
  remote: http://rubygems.org/
  specs:
    rr (1.0.2)
    yard (0.7.2)

PLATFORMS
  ruby

DEPENDENCIES
  public_suffix_service!
  rr
  yard
