PATH
  remote: .
  specs:
    public_suffix_service (0.9.0)

GEM
  remote: http://rubygems.org/
  specs:
    mocha (0.9.12)
    rake (0.9.2)
    yard (0.7.2)

PLATFORMS
  ruby

DEPENDENCIES
  mocha
  public_suffix_service!
  rake
  yard
