PATH
  remote: .
  specs:
    public_suffix (1.0.0.rc1)

GEM
  remote: http://rubygems.org/
  specs:
    metaclass (0.0.1)
    mocha (0.10.0)
      metaclass (~> 0.0.1)
    rake (0.9.2)
    yard (0.7.4)

PLATFORMS
  ruby

DEPENDENCIES
  mocha
  public_suffix!
  rake
  yard
